GEM
  remote: https://rubygems.org/
  specs:
    activesupport (7.0.2.3)
      concurrent-ruby (~> 1.0, >= 1.0.2)
      i18n (>= 1.6, < 2)
      minitest (>= 5.1)
      tzinfo (~> 2.0)
    amq-protocol (2.3.2)
    bunny (2.19.0)
      amq-protocol (~> 2.3, >= 2.3.1)
      sorted_set (~> 1, >= 1.0.2)
    chunky_png (1.4.0)
    concurrent-ruby (1.1.10)
    daemons (1.4.1)
    eventmachine (1.2.7)
    haml (5.2.2)
      temple (>= 0.8.0)
      tilt
    i18n (1.10.0)
      concurrent-ruby (~> 1.0)
    minitest (5.15.0)
    multi_json (1.15.0)
    mustermann (1.1.1)
      ruby2_keywords (~> 0.0.1)
    mysql2 (0.5.3)
    rack (2.2.3)
    rack-protection (2.2.0)
      rack
    rbtree (0.4.5)
    rqrcode (2.1.1)
      chunky_png (~> 1.0)
      rqrcode_core (~> 1.0)
    rqrcode_core (1.2.0)
    ruby2_keywords (0.0.5)
    sequel (5.55.0)
    set (1.0.2)
    sinatra (2.2.0)
      mustermann (~> 1.0)
      rack (~> 2.2)
      rack-protection (= 2.2.0)
      tilt (~> 2.0)
    sinatra-contrib (2.2.0)
      multi_json
      mustermann (~> 1.0)
      rack-protection (= 2.2.0)
      sinatra (= 2.2.0)
      tilt (~> 2.0)
    sorted_set (1.0.3)
      rbtree
      set (~> 1.0)
    sqlite3 (1.4.2)
    temple (0.8.2)
    thin (1.8.1)
      daemons (~> 1.0, >= 1.0.9)
      eventmachine (~> 1.0, >= 1.0.4)
      rack (>= 1, < 3)
    tilt (2.0.10)
    tzinfo (2.0.4)
      concurrent-ruby (~> 1.0)

PLATFORMS
  x86_64-linux

DEPENDENCIES
  activesupport (~> 7.0)
  bunny (~> 2.19)
  haml (~> 5.2)
  mysql2 (~> 0.5.3)
  rqrcode (~> 2.1)
  sequel (~> 5.55)
  sinatra (~> 2.2)
  sinatra-contrib (~> 2.2)
  sqlite3 (~> 1.4)
  thin (~> 1.8)

BUNDLED WITH
   2.3.10
